PATH
  remote: .
  specs:
    simple-spreadsheet (0.5.0)
      roo (~> 2.4)
      roo-xls (~> 1.0)

GEM
  remote: http://rubygems.org/
  specs:
    diff-lcs (1.2.5)
    mini_portile2 (2.4.0)
    nokogiri (1.10.5)
      mini_portile2 (~> 2.4.0)
    nokogiri (1.10.5-java)
    rake (10.4.2)
    roo (2.5.1)
      nokogiri (~> 1)
      rubyzip (~> 1.1, < 2.0.0)
    roo-xls (1.0.0)
      nokogiri
      roo (>= 2.0.0beta1, < 3)
      spreadsheet (> 0.9.0)
    rspec (3.3.0)
      rspec-core (~> 3.3.0)
      rspec-expectations (~> 3.3.0)
      rspec-mocks (~> 3.3.0)
    rspec-core (3.3.1)
      rspec-support (~> 3.3.0)
    rspec-expectations (3.3.0)
      diff-lcs (>= 1.2.0, < 2.0)
      rspec-support (~> 3.3.0)
    rspec-mocks (3.3.1)
      diff-lcs (>= 1.2.0, < 2.0)
      rspec-support (~> 3.3.0)
    rspec-support (3.3.0)
    ruby-ole (1.2.12)
    rubyzip (1.2.0)
    spreadsheet (1.1.3)
      ruby-ole (>= 1.0)

PLATFORMS
  java
  ruby

DEPENDENCIES
  bundler (~> 1.10)
  rake (~> 10.1)
  rspec (~> 3.3)
  simple-spreadsheet!

BUNDLED WITH
   1.12.5
