PATH
  remote: .
  specs:
    simple-spreadsheet (0.1.5)
      roo (= 1.11.2)
      rubyXL (= 1.2.5)
      spreadsheet (= 0.6.5.9)

GEM
  remote: http://rubygems.org/
  specs:
    diff-lcs (1.1.3)
    mini_portile (0.5.1)
    nokogiri (1.6.0)
      mini_portile (~> 0.5.0)
    rake (0.9.2.2)
    roo (1.11.2)
      nokogiri
      rubyzip
      spreadsheet (> 0.6.4)
    rspec (2.6.0)
      rspec-core (~> 2.6.0)
      rspec-expectations (~> 2.6.0)
      rspec-mocks (~> 2.6.0)
    rspec-core (2.6.4)
    rspec-expectations (2.6.0)
      diff-lcs (~> 1.1.2)
    rspec-mocks (2.6.0)
    ruby-ole (1.2.11.7)
    rubyXL (1.2.5)
    rubyzip (0.9.9)
    spreadsheet (0.6.5.9)
      ruby-ole (>= 1.0)

PLATFORMS
  ruby

DEPENDENCIES
  rake (~> 0.9.2.2)
  rspec (~> 2.6.0)
  simple-spreadsheet!
